GEM
  remote: https://rubygems.org/
  specs:
    bigdecimal (3.1.4)
    mysql2 (0.5.5)
    pg (1.5.4)
    sequel (5.73.0)
      bigdecimal
    tiny_tds (2.1.5)

PLATFORMS
  aarch64-linux-musl

DEPENDENCIES
  mysql2 (~> 0.5)
  pg (~> 1.4)
  sequel (~> 5.73)
  tiny_tds (~> 2.1)

BUNDLED WITH
   2.4.10
